GIT
  remote: https://github.com/sinatra/sinatra.git
  revision: e1c903621c5a6bd72433e1efaca2cb9f6fba81b4
  specs:
    rack-protection (3.0.5)
      rack
    sinatra (3.0.5)
      mustermann (~> 3.0)
      rack (~> 2.2, >= 2.2.4)
      rack-protection (= 3.0.5)
      tilt (~> 2.0)

GEM
  remote: https://rubygems.org/
  specs:
    coderay (1.1.3)
    ffi (1.15.5)
    listen (3.8.0)
      rb-fsevent (~> 0.10, >= 0.10.3)
      rb-inotify (~> 0.9, >= 0.9.10)
    method_source (1.0.0)
    mustermann (3.0.0)
      ruby2_keywords (~> 0.0.1)
    nio4r (2.5.8)
    pry (0.14.2)
      coderay (~> 1.1)
      method_source (~> 1.0)
    puma (6.1.1)
      nio4r (~> 2.0)
    rack (2.2.6.4)
    rb-fsevent (0.11.2)
    rb-inotify (0.10.1)
      ffi (~> 1.0)
    rerun (0.14.0)
      listen (~> 3.0)
    ruby2_keywords (0.0.5)
    tilt (2.1.0)

PLATFORMS
  arm64-darwin-21

DEPENDENCIES
  pry (~> 0.14.2)
  puma
  rerun (~> 0.14.0)
  sinatra!

BUNDLED WITH
   2.3.14
